PATH
  remote: .
  specs:
    rulers (0.0.1)
      rack (~> 3.1)
      rackup (~> 2.2)
      webrick (~> 1.9)

GEM
  remote: https://rubygems.org/
  specs:
    minitest (5.25.4)
    rack (3.1.8)
    rack-test (2.1.0)
      rack (>= 1.3)
    rackup (2.2.1)
      rack (>= 3)
    webrick (1.9.1)

PLATFORMS
  ruby
  x86_64-linux

DEPENDENCIES
  minitest (~> 5.25)
  rack-test (~> 2.1)
  rulers!

BUNDLED WITH
   2.5.23
